GEM
  remote: http://rubygems.org/
  specs:
    base64 (0.3.0)
    haml (5.1.1)
      temple (>= 0.8.0)
      tilt
    logger (1.7.0)
    mustermann (3.0.4)
      ruby2_keywords (~> 0.0.1)
    pkg-config (1.5.5)
    rack (3.2.3)
    rack-protection (4.2.0)
      base64 (>= 0.1.0)
      logger (>= 1.6.0)
      rack (>= 3.0.0, < 4)
    rack-session (2.1.1)
      base64 (>= 0.1.0)
      rack (>= 3.0.0)
    rmagick (5.3.0)
      pkg-config (~> 1.4)
    ruby2_keywords (0.0.5)
    sinatra (4.2.0)
      logger (>= 1.6.0)
      mustermann (~> 3.0)
      rack (>= 3.0.0, < 4)
      rack-protection (= 4.2.0)
      rack-session (>= 2.0.0, < 3)
      tilt (~> 2.0)
    temple (0.8.1)
    tilt (2.6.1)

PLATFORMS
  ruby

DEPENDENCIES
  haml
  rmagick
  sinatra
