GEM
  remote: http://rubygems.org/
  specs:
    haml (5.0.4)
      temple (>= 0.8.0)
      tilt
    rack (1.6.10)
    rmagick (2.13.1)
    sinatra (1.2.6)
      rack (~> 1.1)
      tilt (>= 1.2.2, < 2.0)
    temple (0.8.0)
    tilt (1.3.2)

PLATFORMS
  ruby

DEPENDENCIES
  haml
  rmagick
  sinatra
