GEM
  remote: http://rubygems.org/
  specs:
    haml (5.1.1)
      temple (>= 0.8.0)
      tilt
    mustermann (2.0.2)
      ruby2_keywords (~> 0.0.1)
    pkg-config (1.5.5)
    rack (2.2.6.4)
    rack-protection (2.2.3)
      rack
    rmagick (5.3.0)
      pkg-config (~> 1.4)
    ruby2_keywords (0.0.5)
    sinatra (2.2.3)
      mustermann (~> 2.0)
      rack (~> 2.2)
      rack-protection (= 2.2.3)
      tilt (~> 2.0)
    temple (0.8.1)
    tilt (2.0.11)

PLATFORMS
  ruby

DEPENDENCIES
  haml
  rmagick
  sinatra
